GEM
  remote: http://rubygems.org/
  specs:
    RedCloth (4.2.9)
    chunky_png (1.2.8)
    classifier (1.3.3)
      fast-stemmer (>= 1.0.0)
    coffee-script (2.2.0)
      coffee-script-source
      execjs
    coffee-script-source (1.6.3)
    compass (0.13.alpha.4)
      chunky_png (~> 1.2)
      listen (<= 0.9.9)
      sass (~> 3.2.5)
    directory_watcher (1.5.1)
    execjs (2.0.1)
    fast-stemmer (1.0.2)
    haml (3.1.7)
    hike (1.2.3)
    jekyll (0.12.0)
      classifier (~> 1.3)
      directory_watcher (~> 1.1)
      kramdown (~> 0.13.4)
      liquid (~> 2.3)
      maruku (~> 0.5)
      pygments.rb (~> 0.3.2)
    jekyll-assets (0.3.0)
      jekyll
      sprockets (~> 2.8)
    kramdown (0.13.8)
    liquid (2.3.0)
    listen (0.7.3)
    maruku (0.6.1)
      syntax (>= 1.0.0)
    modular-scale (1.0.6)
      compass (>= 0.12.1)
      sass (>= 3.2.0)
      sassy-math (>= 1.5)
    multi_json (1.7.9)
    posix-spawn (0.3.6)
    pygments.rb (0.3.4)
      posix-spawn (~> 0.3.6)
      yajl-ruby (~> 1.1.0)
    rack (1.5.2)
    rake (0.9.0)
    rb-fsevent (0.9.0)
    rdiscount (1.6.8)
    rubypants (0.2.0)
    sass (3.2.10)
    sassy-math (1.5)
      compass (~> 0.11)
    sprockets (2.10.0)
      hike (~> 1.2)
      multi_json (~> 1.0)
      rack (~> 1.0)
      tilt (~> 1.1, != 1.3.0)
    stringex (1.4.0)
    syntax (1.0.0)
    tilt (1.4.1)
    uglifier (1.3.0)
      execjs (>= 0.3.0)
      multi_json (~> 1.0, >= 1.0.2)
    yajl-ruby (1.1.0)
    zurb-foundation (3.2.3)
      compass (>= 0.12.2)
      modular-scale (>= 1.0.2)
      rake
      sass (>= 3.2.0)

PLATFORMS
  ruby

DEPENDENCIES
  RedCloth (= 4.2.9)
  coffee-script (= 2.2.0)
  compass (= 0.13.alpha.4)
  haml (= 3.1.7)
  jekyll (= 0.12)
  jekyll-assets (= 0.3.0)
  liquid (= 2.3.0)
  pygments.rb (= 0.3.4)
  rake (= 0.9)
  rb-fsevent (= 0.9)
  rdiscount (= 1.6.8)
  rubypants (= 0.2.0)
  stringex (= 1.4.0)
  uglifier (= 1.3.0)
  zurb-foundation (= 3.2.3)
