GEM
  remote: http://rubygems.org/
  specs:
    RedCloth (4.2.9)
    animation (0.1.alpha.3)
      compass (>= 0.12.0)
      sass (>= 3.2.0.alpha.95)
    chunky_png (1.2.7)
    classifier (1.3.3)
      fast-stemmer (>= 1.0.0)
    coffee-script (2.2.0)
      coffee-script-source
      execjs
    coffee-script-source (1.6.2)
    compass (0.12.2)
      chunky_png (~> 1.2)
      fssm (>= 0.2.7)
      sass (~> 3.1)
    directory_watcher (1.5.1)
    execjs (1.4.0)
      multi_json (~> 1.0)
    fast-stemmer (1.0.2)
    fssm (0.2.10)
    haml (3.1.8)
    hike (1.2.1)
    jekyll (0.12.1)
      classifier (~> 1.3)
      directory_watcher (~> 1.1)
      kramdown (~> 0.14)
      liquid (~> 2.3)
      maruku (~> 0.5)
      pygments.rb (~> 0.3.2)
    jekyll-assets (0.3.5)
      jekyll
      sprockets (~> 2.9)
    kramdown (0.14.2)
    liquid (2.3.0)
    maruku (0.6.1)
      syntax (>= 1.0.0)
    modular-scale (1.0.6)
      compass (>= 0.12.1)
      sass (>= 3.2.0)
      sassy-math (>= 1.5)
    multi_json (1.7.1)
    posix-spawn (0.3.6)
    pygments.rb (0.3.7)
      posix-spawn (~> 0.3.6)
      yajl-ruby (~> 1.1.0)
    rack (1.5.2)
    rake (0.9.6)
    rb-fsevent (0.9.3)
    rdiscount (1.6.8)
    rubypants (0.2.0)
    sass (3.3.0.alpha.103)
    sassy-math (1.5)
      compass (~> 0.11)
    sprockets (2.9.0)
      hike (~> 1.2)
      multi_json (~> 1.0)
      rack (~> 1.0)
      tilt (~> 1.1, != 1.3.0)
    stringex (1.4.0)
    syntax (1.0.0)
    tilt (1.3.6)
    uglifier (1.3.0)
      execjs (>= 0.3.0)
      multi_json (~> 1.0, >= 1.0.2)
    yajl-ruby (1.1.0)
    zurb-foundation (3.2.5)
      compass (>= 0.12.2)
      modular-scale (= 1.0.6)
      rake
      sass (>= 3.2.0)

PLATFORMS
  ruby

DEPENDENCIES
  RedCloth (~> 4.2.9)
  animation (~> 0.1.alpha.3)
  coffee-script
  compass (~> 0.12.2)
  haml (~> 3.1.7)
  jekyll (~> 0.12)
  jekyll-assets (~> 0.3.0)
  liquid (~> 2.3.0)
  pygments.rb (~> 0.3.4)
  rake (~> 0.9)
  rb-fsevent (~> 0.9)
  rdiscount (~> 1.6.8)
  rubypants (~> 0.2.0)
  stringex (~> 1.4.0)
  uglifier (~> 1.3.0)
  zurb-foundation (~> 3.2.3)
